GEM
  remote: https://rubygems.org/
  specs:
    commonjs (0.2.7)
    less (2.6.0)
      commonjs (~> 0.2.7)
    sass (3.4.3)

PLATFORMS
  ruby

DEPENDENCIES
  less (>= 2.6.0)
  sass (>= 3.4.3)
